PATH
  remote: .
  specs:
    nope (0.1.0)
      zk (= 1.9.4)

GEM
  remote: https://rubygems.org/
  specs:
    little-plugger (1.1.4)
    logging (1.8.2)
      little-plugger (>= 1.1.3)
      multi_json (>= 1.8.4)
    minitest (5.9.0)
    multi_json (1.12.1)
    rake (10.5.0)
    zk (1.9.4)
      logging (~> 1.8.2)
      zookeeper (~> 1.4.0)
    zookeeper (1.4.11)

PLATFORMS
  ruby

DEPENDENCIES
  bundler (~> 1.12)
  minitest (~> 5.0)
  nope!
  rake (~> 10.0)

BUNDLED WITH
   1.12.5
